GEM
  remote: http://gemcutter.org/
  remote: http://gemserver.qa.convioanalyticstest.net:8808/
  specs:
    addressable (2.2.8)
    american_date (1.0.0)
    childprocess (0.3.2)
      ffi (~> 1.0.6)
    colored (1.2)
    diff-lcs (1.1.3)
    ffi (1.0.11)
    json (1.7.0)
    libwebsocket (0.1.3)
      addressable
    logger (1.2.8)
    macaddr (1.5.0)
      systemu (>= 2.4.0)
    metaclass (0.0.1)
    mocha (0.11.3)
      metaclass (~> 0.0.1)
    multi_json (1.3.4)
    nokogiri (1.5.2)
    rake (0.9.2.2)
    rdoc (3.12)
      json (~> 1.4)
    rspec (2.9.0)
      rspec-core (~> 2.9.0)
      rspec-expectations (~> 2.9.0)
      rspec-mocks (~> 2.9.0)
    rspec-core (2.9.0)
    rspec-expectations (2.9.1)
      diff-lcs (~> 1.1.3)
    rspec-mocks (2.9.0)
    rubyzip (0.9.8)
    selenium-webdriver (2.21.2)
      childprocess (>= 0.2.5)
      ffi (~> 1.0)
      libwebsocket (~> 0.1.3)
      multi_json (~> 1.0)
      rubyzip
    systemu (2.5.0)
    uuid (2.3.5)
      macaddr (~> 1.0)
    watir-webdriver (0.5.3.1)
      selenium-webdriver (>= 2.12.0)
    watirmark-log (1.0.6)
      colored

PLATFORMS
  ruby

DEPENDENCIES
  american_date
  bundler
  logger
  mocha
  nokogiri
  rake
  rdoc
  rspec (~> 2)
  uuid
  watir
  watir-webdriver (= 0.5.3.1)
  watirmark-log
