GEM
  remote: http://gemcutter.org/
  remote: http://gemserver.qa.convioanalyticstest.net:8808/
  specs:
    activesupport (3.1.4)
      multi_json (~> 1.0)
    addressable (2.2.8)
    american_date (1.0.0)
    childprocess (0.3.2)
      ffi (~> 1.0.6)
    colored (1.2)
    commonwatir (3.0.0)
    diff-lcs (1.1.3)
    ffi (1.0.11)
    i18n (0.6.0)
    json (1.7.3)
    libwebsocket (0.1.3)
      addressable
    logger (1.2.8)
    macaddr (1.6.1)
      systemu (~> 2.5.0)
    metaclass (0.0.1)
    mocha (0.11.4)
      metaclass (~> 0.0.1)
    multi_json (1.3.6)
    nokogiri (1.5.4)
    nokogiri (1.5.4-x86-mingw32)
    rake (0.9.2.2)
    rautomation (0.7.2)
    rdoc (3.12)
      json (~> 1.4)
    rspec (2.10.0)
      rspec-core (~> 2.10.0)
      rspec-expectations (~> 2.10.0)
      rspec-mocks (~> 2.10.0)
    rspec-core (2.10.1)
    rspec-expectations (2.10.0)
      diff-lcs (~> 1.1.3)
    rspec-mocks (2.10.1)
    rubigen (1.5.8)
      activesupport (>= 2.3.5, < 3.2.0)
    rubyzip (0.9.8)
    selenium-webdriver (2.22.2)
      childprocess (>= 0.2.5)
      ffi (~> 1.0)
      libwebsocket (~> 0.1.3)
      multi_json (~> 1.0)
      rubyzip
    systemu (2.5.1)
    uuid (2.3.5)
      macaddr (~> 1.0)
    watir (3.0.0)
      commonwatir (= 3.0.0)
      watir-classic (~> 3)
    watir-classic (3.0.0)
      ffi (~> 1.0)
      nokogiri
      rautomation (~> 0.7.2)
      win32-process (>= 0.5.5)
      windows-pr (>= 0.6.6)
    watir-webdriver (0.5.3.1)
      selenium-webdriver (>= 2.12.0)
    watirmark-log (1.0.6)
      colored
    win32-api (1.4.8-x86-mingw32)
    win32-process (0.6.5)
      windows-pr (>= 1.1.2)
    windows-api (0.4.1)
      win32-api (>= 1.4.5)
    windows-pr (1.2.1)
      win32-api (>= 1.4.5)
      windows-api (>= 0.3.0)

PLATFORMS
  ruby
  x86-mingw32

DEPENDENCIES
  american_date
  bundler
  i18n
  logger
  mocha
  nokogiri
  rake
  rdoc
  rspec (~> 2)
  rubigen
  uuid
  watir
  watir-webdriver (= 0.5.3.1)
  watirmark-log
