PATH
  remote: .
  specs:
    watirmark (5.14.37)
      activesupport (~> 3.1.11)
      american_date (~> 1.0)
      i18n (~> 0.6.1)
      logger (~> 1.2.8)
      nokogiri (~> 1.5.6)
      rubigen (~> 1.5.8)
      selenium-webdriver (~> 2.30.0)
      uuid (~> 2.3.6)
      watir-webdriver (>= 0.6.1)

GEM
  remote: https://rubygems.org/
  specs:
    activesupport (3.1.12)
      multi_json (~> 1.0)
    american_date (1.1.0)
    builder (3.2.0)
    childprocess (0.3.9)
      ffi (~> 1.0, >= 1.0.11)
    cucumber (1.2.3)
      builder (>= 2.1.2)
      diff-lcs (>= 1.1.3)
      gherkin (~> 2.11.6)
      multi_json (~> 1.3)
    diff-lcs (1.2.1)
    ffi (1.4.0)
    ffi (1.4.0-x86-mingw32)
    gherkin (2.11.6)
      json (>= 1.7.6)
    gherkin (2.11.6-x86-mingw32)
      json (>= 1.7.6)
    i18n (0.6.4)
    json (1.7.7)
    logger (1.2.8)
    macaddr (1.6.1)
      systemu (~> 2.5.0)
    metaclass (0.0.1)
    mocha (0.13.3)
      metaclass (~> 0.0.1)
    multi_json (1.7.1)
    nokogiri (1.5.9)
    nokogiri (1.5.9-x86-mingw32)
    rake (0.9.2.2)
    rdoc (4.0.0)
      json (~> 1.4)
    rspec (2.13.0)
      rspec-core (~> 2.13.0)
      rspec-expectations (~> 2.13.0)
      rspec-mocks (~> 2.13.0)
    rspec-core (2.13.1)
    rspec-expectations (2.13.0)
      diff-lcs (>= 1.1.3, < 2.0)
    rspec-mocks (2.13.0)
    rubigen (1.5.8)
      activesupport (>= 2.3.5, < 3.2.0)
    rubyzip (0.9.9)
    selenium-webdriver (2.30.0)
      childprocess (>= 0.2.5)
      multi_json (~> 1.0)
      rubyzip
      websocket (~> 1.0.4)
    simplecov (0.7.1)
      multi_json (~> 1.0)
      simplecov-html (~> 0.7.1)
    simplecov-html (0.7.1)
    systemu (2.5.2)
    uuid (2.3.7)
      macaddr (~> 1.0)
    watir-webdriver (0.6.2)
      selenium-webdriver (>= 2.18.0)
    websocket (1.0.7)

PLATFORMS
  ruby
  x86-mingw32

DEPENDENCIES
  bundler
  cucumber
  gherkin
  mocha
  rake (= 0.9.2.2)
  rdoc
  rspec
  rspec-mocks
  simplecov
  watir-webdriver
  watirmark!
