GEM
  remote: http://qalin.corp.convio.com:8808/
  remote: http://gemcutter.org/
  specs:
    american_date (1.0.0)
    builder (3.0.0)
    childprocess (0.3.1)
      ffi (~> 1.0.6)
    commonwatir (2.0.4.1)
      user-choices
    diff-lcs (1.1.3)
    ffi (1.0.11)
    hoe (2.15.0)
      rake (~> 0.8)
    json (1.6.5)
    logger (1.2.8)
    metaclass (0.0.1)
    mocha (0.10.5)
      metaclass (~> 0.0.1)
    multi_json (1.1.0)
    nokogiri (1.5.0-x86-mingw32)
    rake (0.9.2.2)
    rautomation (0.6.3)
    rdoc (3.12)
      json (~> 1.4)
    rspec (2.8.0)
      rspec-core (~> 2.8.0)
      rspec-expectations (~> 2.8.0)
      rspec-mocks (~> 2.8.0)
    rspec-core (2.8.0)
    rspec-expectations (2.8.0)
      diff-lcs (~> 1.1.2)
    rspec-mocks (2.8.0)
    rubyzip (0.9.6.1)
    s4t-utils (1.0.4)
      hoe (>= 1.3.0)
    selenium-webdriver (2.20.0)
      childprocess (>= 0.2.5)
      ffi (~> 1.0)
      multi_json (~> 1.0)
      rubyzip
    user-choices (1.1.6.1)
      builder (>= 2.1.2)
      s4t-utils (>= 1.0.3)
      xml-simple (>= 1.0.11)
    watir (2.0.4.1)
      commonwatir (= 2.0.4.1)
      ffi (~> 1.0)
      nokogiri
      rautomation (~> 0.6.3)
      win32-process (>= 0.5.5)
      windows-pr (>= 0.6.6)
    watir-webdriver (0.5.3)
      selenium-webdriver (>= 2.12.0)
    win32-api (1.4.8-x86-mingw32)
    win32-process (0.6.5)
      windows-pr (>= 1.1.2)
    windows-api (0.4.1)
      win32-api (>= 1.4.5)
    windows-pr (1.2.1)
      win32-api (>= 1.4.5)
      windows-api (>= 0.3.0)
    xml-simple (1.1.1)

PLATFORMS
  x86-mingw32

DEPENDENCIES
  american_date
  bundler
  logger
  mocha
  rake
  rdoc
  rspec (~> 2)
  watir
  watir-webdriver
