GEM
  remote: http://gemcutter.org/
  remote: http://gemserver.qa.convioanalyticstest.net:8808/
  specs:
    activesupport (3.1.4)
      multi_json (~> 1.0)
    addressable (2.3.2)
    american_date (1.0.0)
    builder (3.1.4)
    childprocess (0.3.6)
      ffi (~> 1.0, >= 1.0.6)
    colored (1.2)
    cucumber (1.2.1)
      builder (>= 2.1.2)
      diff-lcs (>= 1.1.3)
      gherkin (~> 2.11.0)
      json (>= 1.4.6)
    diff-lcs (1.1.3)
    ffi (1.1.5)
    ffi (1.1.5-x86-mingw32)
    gherkin (2.11.5)
      json (>= 1.4.6)
    gherkin (2.11.5-x86-mingw32)
      json (>= 1.4.6)
    i18n (0.6.1)
    json (1.7.5)
    libwebsocket (0.1.5)
      addressable
    logger (1.2.8)
    macaddr (1.6.1)
      systemu (~> 2.5.0)
    metaclass (0.0.1)
    mocha (0.12.7)
      metaclass (~> 0.0.1)
    multi_json (1.3.6)
    nokogiri (1.5.5)
    nokogiri (1.5.5-x86-mingw32)
    rake (0.9.2.2)
    rdoc (3.12)
      json (~> 1.4)
    rspec (2.11.0)
      rspec-core (~> 2.11.0)
      rspec-expectations (~> 2.11.0)
      rspec-mocks (~> 2.11.0)
    rspec-core (2.11.1)
    rspec-expectations (2.11.3)
      diff-lcs (~> 1.1.3)
    rspec-mocks (2.11.3)
    rubigen (1.5.8)
      activesupport (>= 2.3.5, < 3.2.0)
    rubyzip (0.9.9)
    selenium-webdriver (2.25.0)
      childprocess (>= 0.2.5)
      libwebsocket (~> 0.1.3)
      multi_json (~> 1.0)
      rubyzip
    systemu (2.5.2)
    uuid (2.3.5)
      macaddr (~> 1.0)
    watir-webdriver (0.6.1.2)
      selenium-webdriver (>= 2.18.0)
    watirmark-log (1.0.6)
      colored

PLATFORMS
  ruby
  x86-mingw32

DEPENDENCIES
  american_date
  bundler
  cucumber
  i18n
  logger
  mocha
  nokogiri
  rake
  rdoc
  rspec
  rspec-mocks
  rubigen
  uuid
  watir-webdriver (= 0.6.1.2)
  watirmark-log
